GEM
  remote: https://rubygems.org/
  specs:
    colorize (1.1.0)
    httparty (0.21.0)
      mini_mime (>= 1.0.0)
      multi_xml (>= 0.5.2)
    json (2.6.3)
    mini_mime (1.1.5)
    multi_xml (0.6.0)

PLATFORMS
  x86_64-linux

DEPENDENCIES
  colorize (~> 1.1)
  httparty (~> 0.21.0)
  json (~> 2.6, >= 2.6.3)

BUNDLED WITH
   2.4.19
